GEM
  remote: https://rubygems.org/
  specs:
    ast (2.4.2)
    diff-lcs (1.5.1)
    google-protobuf (3.25.3-arm64-darwin)
    googleapis-common-protos-types (1.14.0)
      google-protobuf (~> 3.18)
    grpc (1.63.0-arm64-darwin)
      google-protobuf (~> 3.25)
      googleapis-common-protos-types (~> 1.0)
    paco (0.2.3)
    parser (3.3.1.0)
      ast (~> 2.4.1)
      racc
    racc (1.7.3)
    require-hooks (0.2.2)
    ruby-next (1.0.3)
      paco (~> 0.2)
      require-hooks (~> 0.2)
      ruby-next-core (= 1.0.3)
      ruby-next-parser (>= 3.2.2.0)
      unparser (~> 0.6.0)
    ruby-next-core (1.0.3)
    ruby-next-parser (3.2.2.0)
      parser (>= 3.0.3.1)
    ruby_wasm (2.6.1-arm64-darwin)
    unparser (0.6.13)
      diff-lcs (~> 1.3)
      parser (>= 3.3.0)

PLATFORMS
  arm64-darwin

DEPENDENCIES
  google-protobuf (~> 3.25)
  grpc (~> 1.63)
  ruby-next (~> 1.0)
  ruby_wasm (~> 2.6)

BUNDLED WITH
   2.5.10
